GEM
  remote: https://rubygems.org/
  specs:
    activemodel (4.2.5)
      activesupport (= 4.2.5)
      builder (~> 3.1)
    activesupport (4.2.5)
      i18n (~> 0.7)
      json (~> 1.7, >= 1.7.7)
      minitest (~> 5.1)
      thread_safe (~> 0.3, >= 0.3.4)
      tzinfo (~> 1.1)
    aws-sdk (2.2.12)
      aws-sdk-resources (= 2.2.12)
    aws-sdk-core (2.2.12)
      jmespath (~> 1.0)
    aws-sdk-resources (2.2.12)
      aws-sdk-core (= 2.2.12)
    bson (4.0.0)
    builder (3.2.2)
    colored (1.2)
    daemons (1.2.3)
    diff-lcs (1.2.5)
    docker-api (1.33.2)
      excon (>= 0.38.0)
      json
    eventmachine (1.0.9.1)
    excon (0.55.0)
    git-up (0.5.12)
      colored (>= 1.2)
      grit
    grit (2.5.0)
      diff-lcs (~> 1.1)
      mime-types (~> 1.15)
      posix-spawn (~> 0.3.6)
    i18n (0.7.0)
    jmespath (1.1.3)
    json (1.8.3)
    mime-types (1.25.1)
    minitest (5.8.3)
    mongo (2.2.1)
      bson (~> 4.0)
    mongoid (5.0.2)
      activemodel (~> 4.0)
      mongo (~> 2.1)
      origin (~> 2.1)
      tzinfo (>= 0.3.37)
    mysql2 (0.4.2)
    origin (2.1.1)
    pg (0.18.4)
    posix-spawn (0.3.11)
    rack (1.6.4)
    rack-protection (1.5.3)
      rack
    rethinkdb (2.2.0.2)
      json
    rubyzip (1.1.7)
    sequel (4.30.0)
    sinatra (1.4.6)
      rack (~> 1.4)
      rack-protection (~> 1.4)
      tilt (>= 1.3, < 3)
    sqlite3 (1.3.11)
    thin (1.6.4)
      daemons (~> 1.0, >= 1.0.9)
      eventmachine (~> 1.0, >= 1.0.4)
      rack (~> 1.0)
    thread_safe (0.3.5)
    tilt (2.0.2)
    tzinfo (1.2.2)
      thread_safe (~> 0.1)

PLATFORMS
  ruby

DEPENDENCIES
  aws-sdk (~> 2.2, >= 2.2.12)
  docker-api (~> 1.25)
  git-up
  minitest (~> 5.8, >= 5.8.3)
  mongoid (~> 5.0, >= 5.0.2)
  mysql2 (~> 0.4.2)
  pg (~> 0.18.4)
  rethinkdb (~> 2.2, >= 2.2.0.2)
  rubyzip (~> 1.1, >= 1.1.7)
  sequel (~> 4.30)
  sinatra (~> 1.4, >= 1.4.6)
  sqlite3 (~> 1.3, >= 1.3.11)
  thin (~> 1.6, >= 1.6.4)

BUNDLED WITH
   1.11.2
